GEM
  remote: https://rubygems.org/
  specs:
    PriorityQueue (0.1.2)
    actionmailer (4.1.11)
      actionpack (= 4.1.11)
      actionview (= 4.1.11)
      mail (~> 2.5, >= 2.5.4)
    actionpack (4.1.11)
      actionview (= 4.1.11)
      activesupport (= 4.1.11)
      rack (~> 1.5.2)
      rack-test (~> 0.6.2)
    actionview (4.1.11)
      activesupport (= 4.1.11)
      builder (~> 3.1)
      erubis (~> 2.7.0)
    activemodel (4.1.11)
      activesupport (= 4.1.11)
      builder (~> 3.1)
    activerecord (4.1.11)
      activemodel (= 4.1.11)
      activesupport (= 4.1.11)
      arel (~> 5.0.0)
    activesupport (4.1.11)
      i18n (~> 0.6, >= 0.6.9)
      json (~> 1.7, >= 1.7.7)
      minitest (~> 5.1)
      thread_safe (~> 0.1)
      tzinfo (~> 1.1)
    addressable (2.3.8)
    airbrake (3.1.15)
      builder
      multi_json
    arel (5.0.1.20140414130214)
    builder (3.2.2)
    celluloid (0.16.0)
      timers (~> 4.0.0)
    ci_reporter (2.0.0.alpha2)
      builder (>= 2.1.2)
    ci_reporter_rspec (0.0.2)
      ci_reporter (= 2.0.0.alpha2)
      rspec (>= 2.14, < 4)
    connection_pool (2.2.0)
    crack (0.4.2)
      safe_yaml (~> 1.0.0)
    diff-lcs (1.2.5)
    docile (1.1.5)
    domain_name (0.5.24)
      unf (>= 0.0.5, < 1.0.0)
    erubis (2.7.0)
    faraday (0.9.0)
      multipart-post (>= 1.2, < 3)
    foreman (0.78.0)
      thor (~> 0.19.1)
    gds-api-adapters (24.1.0)
      link_header
      lrucache (~> 0.1.1)
      null_logger
      plek
      rack-cache
      rest-client (~> 1.8.0)
    gds-sso (9.3.0)
      multi_json (~> 1.0)
      oauth2 (~> 1.0)
      omniauth (~> 1.2)
      omniauth-gds (~> 3.1)
      rack-accept (~> 0.4.4)
      rails (>= 3.0.0)
      warden (~> 1.2)
      warden-oauth2 (~> 0.0.1)
    govspeak (3.0.0)
      htmlentities (~> 4)
      kramdown (~> 1.4.1)
      nokogiri (~> 1.5.10)
      sanitize (~> 2.1.0)
    govuk-content-schema-test-helpers (1.3.0)
      json-schema (~> 2.5.1)
    hashie (3.2.0)
    hitimes (1.2.2)
    htmlentities (4.3.2)
    http-cookie (1.0.2)
      domain_name (~> 0.5)
    i18n (0.7.0)
    json (1.8.3)
    json-schema (2.5.1)
      addressable (~> 2.3.7)
    jwt (1.0.0)
    kgio (2.9.2)
    kramdown (1.4.1)
    link_header (0.0.8)
    logstash-event (1.1.5)
    logstasher (0.5.3)
      logstash-event (~> 1.1.0)
      request_store
    lrucache (0.1.4)
      PriorityQueue (~> 0.1.2)
    mail (2.6.3)
      mime-types (>= 1.16, < 3)
    mime-types (2.6.1)
    minitest (5.7.0)
    multi_json (1.11.1)
    multi_xml (0.5.5)
    multipart-post (2.0.0)
    netrc (0.10.3)
    nokogiri (1.5.11)
    null_logger (0.0.1)
    oauth2 (1.0.0)
      faraday (>= 0.8, < 0.10)
      jwt (~> 1.0)
      multi_json (~> 1.3)
      multi_xml (~> 0.5)
      rack (~> 1.2)
    omniauth (1.2.2)
      hashie (>= 1.2, < 4)
      rack (~> 1.0)
    omniauth-gds (3.1.0)
      multi_json (~> 1.10)
      omniauth-oauth2 (~> 1.0)
    omniauth-oauth2 (1.2.0)
      faraday (>= 0.8, < 0.10)
      multi_json (~> 1.3)
      oauth2 (~> 1.0)
      omniauth (~> 1.2)
    plek (1.11.0)
    rack (1.5.5)
    rack-accept (0.4.5)
      rack (>= 0.4)
    rack-cache (1.2)
      rack (>= 0.4)
    rack-test (0.6.3)
      rack (>= 1.0)
    rails (4.1.11)
      actionmailer (= 4.1.11)
      actionpack (= 4.1.11)
      actionview (= 4.1.11)
      activemodel (= 4.1.11)
      activerecord (= 4.1.11)
      activesupport (= 4.1.11)
      bundler (>= 1.3.0, < 2.0)
      railties (= 4.1.11)
      sprockets-rails (~> 2.0)
    rails-api (0.2.1)
      actionpack (>= 3.2.11)
      railties (>= 3.2.11)
    railties (4.1.11)
      actionpack (= 4.1.11)
      activesupport (= 4.1.11)
      rake (>= 0.8.7)
      thor (>= 0.18.1, < 2.0)
    raindrops (0.13.0)
    rake (10.4.2)
    redis (3.2.1)
    redis-namespace (1.5.2)
      redis (~> 3.0, >= 3.0.4)
    request_store (1.0.6)
    rest-client (1.8.0)
      http-cookie (>= 1.0.2, < 2.0)
      mime-types (>= 1.16, < 3.0)
      netrc (~> 0.7)
    rspec (3.2.0)
      rspec-core (~> 3.2.0)
      rspec-expectations (~> 3.2.0)
      rspec-mocks (~> 3.2.0)
    rspec-collection_matchers (1.0.0)
      rspec-expectations (>= 2.99.0.beta1)
    rspec-core (3.2.3)
      rspec-support (~> 3.2.0)
    rspec-expectations (3.2.1)
      diff-lcs (>= 1.2.0, < 2.0)
      rspec-support (~> 3.2.0)
    rspec-mocks (3.2.1)
      diff-lcs (>= 1.2.0, < 2.0)
      rspec-support (~> 3.2.0)
    rspec-rails (3.2.1)
      actionpack (>= 3.0, < 4.3)
      activesupport (>= 3.0, < 4.3)
      railties (>= 3.0, < 4.3)
      rspec-core (~> 3.2.0)
      rspec-expectations (~> 3.2.0)
      rspec-mocks (~> 3.2.0)
      rspec-support (~> 3.2.0)
    rspec-support (3.2.2)
    safe_yaml (1.0.3)
    sanitize (2.1.0)
      nokogiri (>= 1.4.4)
    sidekiq (3.4.2)
      celluloid (~> 0.16.0)
      connection_pool (~> 2.2, >= 2.2.0)
      json (~> 1.0)
      redis (~> 3.2, >= 3.2.1)
      redis-namespace (~> 1.5, >= 1.5.2)
    simplecov (0.8.2)
      docile (~> 1.1.0)
      multi_json
      simplecov-html (~> 0.8.0)
    simplecov-html (0.8.0)
    simplecov-rcov (0.2.3)
      simplecov (>= 0.4.1)
    sprockets (3.2.0)
      rack (~> 1.0)
    sprockets-rails (2.3.1)
      actionpack (>= 3.0)
      activesupport (>= 3.0)
      sprockets (>= 2.8, < 4.0)
    thor (0.19.1)
    thread_safe (0.3.5)
    timers (4.0.1)
      hitimes
    tzinfo (1.2.2)
      thread_safe (~> 0.1)
    unf (0.1.4)
      unf_ext
    unf_ext (0.0.7.1)
    unicorn (4.8.3)
      kgio (~> 2.6)
      rack
      raindrops (~> 0.7)
    uuidtools (2.1.5)
    warden (1.2.3)
      rack (>= 1.0)
    warden-oauth2 (0.0.1)
      warden
    webmock (1.18.0)
      addressable (>= 2.3.6)
      crack (>= 0.3.2)

PLATFORMS
  ruby

DEPENDENCIES
  airbrake (= 3.1.15)
  ci_reporter (= 2.0.0.alpha2)
  ci_reporter_rspec (= 0.0.2)
  foreman (= 0.78.0)
  gds-api-adapters (= 24.1.0)
  gds-sso (= 9.3.0)
  govspeak (= 3.0.0)
  govuk-content-schema-test-helpers (= 1.3.0)
  json-schema (= 2.5.1)
  logstasher (= 0.5.3)
  plek (= 1.11.0)
  rails (= 4.1.11)
  rails-api (= 0.2.1)
  rspec-collection_matchers (= 1.0.0)
  rspec-rails (= 3.2.1)
  sidekiq (= 3.4.2)
  simplecov (= 0.8.2)
  simplecov-rcov (= 0.2.3)
  unicorn (= 4.8.3)
  uuidtools (= 2.1.5)
  webmock (= 1.18.0)

BUNDLED WITH
   1.10.6
